PATH
  remote: .
  specs:
    slackbot (0.0.1)
      json (~> 1.4)

GEM
  remote: https://rubygems.org/
  specs:
    addressable (2.3.2)
    crack (0.3.1)
    json (1.8.0)
    minitest (5.0.8)
    webmock (1.8.7)
      addressable (>= 2.2.7)
      crack (>= 0.1.7)

PLATFORMS
  ruby

DEPENDENCIES
  bundler (~> 1.3)
  minitest (~> 5.0.8)
  slackbot!
  webmock (~> 1.8.7)
